GEM
  remote: https://rubygems.org/
  specs:
    timecop (0.9.8)

PLATFORMS
  arm64-darwin-21

DEPENDENCIES
  timecop

BUNDLED WITH
   2.4.10
